GEM
  remote: http://rubygems.org/
  specs:
    abstract (1.0.0)
    actionmailer (3.0.9)
      actionpack (= 3.0.9)
      mail (~> 2.2.19)
    actionpack (3.0.9)
      activemodel (= 3.0.9)
      activesupport (= 3.0.9)
      builder (~> 2.1.2)
      erubis (~> 2.6.6)
      i18n (~> 0.5.0)
      rack (~> 1.2.1)
      rack-mount (~> 0.6.14)
      rack-test (~> 0.5.7)
      tzinfo (~> 0.3.23)
    activemodel (3.0.9)
      activesupport (= 3.0.9)
      builder (~> 2.1.2)
      i18n (~> 0.5.0)
    activerecord (3.0.9)
      activemodel (= 3.0.9)
      activesupport (= 3.0.9)
      arel (~> 2.0.10)
      tzinfo (~> 0.3.23)
    activeresource (3.0.9)
      activemodel (= 3.0.9)
      activesupport (= 3.0.9)
    activesupport (3.0.9)
    acts-as-taggable-on (2.1.1)
      rails
    arel (2.0.10)
    bcrypt-ruby (3.0.0)
    builder (2.1.2)
    cancan (1.6.5)
    cocaine (0.2.0)
    colored (1.2)
    crack (0.1.8)
    devise (1.4.5)
      bcrypt-ruby (~> 3.0)
      orm_adapter (~> 0.0.3)
      warden (~> 1.0.3)
    erubis (2.6.6)
      abstract (>= 1.0.0)
    gmaps4rails (1.1.2)
      crack
    gravatar_image_tag (1.0.0)
    i18n (0.5.0)
    kaminari (0.12.4)
      rails (>= 3.0.0)
    kgio (2.6.0)
    mail (2.2.19)
      activesupport (>= 2.3.6)
      i18n (>= 0.4.0)
      mime-types (~> 1.16)
      treetop (~> 1.4.8)
    mime-types (1.16)
    mysql2 (0.2.13)
    nokogiri (1.5.0)
    orm_adapter (0.0.5)
    paperclip (2.4.0)
      activerecord (>= 2.3.0)
      activesupport (>= 2.3.2)
      cocaine (>= 0.0.2)
      mime-types
    polyglot (0.3.2)
    rack (1.2.3)
    rack-mount (0.6.14)
      rack (>= 1.0.0)
    rack-test (0.5.7)
      rack (>= 1.0)
    rails (3.0.9)
      actionmailer (= 3.0.9)
      actionpack (= 3.0.9)
      activerecord (= 3.0.9)
      activeresource (= 3.0.9)
      activesupport (= 3.0.9)
      bundler (~> 1.0)
      railties (= 3.0.9)
    rails3-jquery-autocomplete (0.9.1)
      rails (~> 3.0)
    railties (3.0.9)
      actionpack (= 3.0.9)
      activesupport (= 3.0.9)
      rake (>= 0.8.7)
      rdoc (~> 3.4)
      thor (~> 0.14.4)
    raindrops (0.7.0)
    rake (0.9.2)
    rdoc (3.9.4)
    rmagick (2.13.1)
    simple_form (1.5.1)
      actionpack (~> 3.0)
      activemodel (~> 3.0)
    tabulous (1.0.2)
      colored (~> 1.2.0)
      rails (~> 3.0.0)
    thor (0.14.6)
    treetop (1.4.10)
      polyglot
      polyglot (>= 0.3.1)
    tzinfo (0.3.29)
    unicorn (4.1.1)
      kgio (~> 2.4)
      rack
      raindrops (~> 0.6)
    warden (1.0.5)
      rack (>= 1.0)
    will_paginate (3.0.0)

PLATFORMS
  ruby

DEPENDENCIES
  acts-as-taggable-on
  cancan
  devise
  gmaps4rails
  gravatar_image_tag
  kaminari
  mysql2 (~> 0.2.6)
  nokogiri
  paperclip
  rails (= 3.0.9)
  rails3-jquery-autocomplete
  rmagick
  simple_form
  tabulous
  unicorn
  will_paginate
